GEM
  remote: https://rubygems.org/
  specs:
    optparse (0.2.0)

PLATFORMS
  ruby

DEPENDENCIES
  optparse

BUNDLED WITH
   2.1.4
